PATH
  remote: .
  specs:
    data_style_sanitizer (0.1.0)
      nokogiri
      securerandom

GEM
  remote: https://rubygems.org/
  specs:
    ast (2.4.2)
    diff-lcs (1.6.0)
    json (2.9.1)
    language_server-protocol (3.17.0.3)
    lint_roller (1.1.0)
    nokogiri (1.18.3-arm64-darwin)
      racc (~> 1.4)
    parallel (1.26.3)
    parser (3.3.7.1)
      ast (~> 2.4.1)
      racc
    racc (1.8.1)
    rainbow (3.1.1)
    rake (13.2.1)
    regexp_parser (2.10.0)
    rspec (3.13.0)
      rspec-core (~> 3.13.0)
      rspec-expectations (~> 3.13.0)
      rspec-mocks (~> 3.13.0)
    rspec-core (3.13.3)
      rspec-support (~> 3.13.0)
    rspec-expectations (3.13.3)
      diff-lcs (>= 1.2.0, < 2.0)
      rspec-support (~> 3.13.0)
    rspec-mocks (3.13.2)
      diff-lcs (>= 1.2.0, < 2.0)
      rspec-support (~> 3.13.0)
    rspec-support (3.13.2)
    rubocop (1.71.2)
      json (~> 2.3)
      language_server-protocol (>= 3.17.0)
      parallel (~> 1.10)
      parser (>= 3.3.0.2)
      rainbow (>= 2.2.2, < 4.0)
      regexp_parser (>= 2.9.3, < 3.0)
      rubocop-ast (>= 1.38.0, < 2.0)
      ruby-progressbar (~> 1.7)
      unicode-display_width (>= 2.4.0, < 4.0)
    rubocop-ast (1.38.1)
      parser (>= 3.3.1.0)
    rubocop-performance (1.23.1)
      rubocop (>= 1.48.1, < 2.0)
      rubocop-ast (>= 1.31.1, < 2.0)
    ruby-progressbar (1.13.0)
    securerandom (0.4.1)
    standard (1.45.0)
      language_server-protocol (~> 3.17.0.2)
      lint_roller (~> 1.0)
      rubocop (~> 1.71.0)
      standard-custom (~> 1.0.0)
      standard-performance (~> 1.6)
    standard-custom (1.0.2)
      lint_roller (~> 1.0)
      rubocop (~> 1.50)
    standard-performance (1.6.0)
      lint_roller (~> 1.1)
      rubocop-performance (~> 1.23.0)
    unicode-display_width (2.6.0)

PLATFORMS
  arm64-darwin

DEPENDENCIES
  data_style_sanitizer!
  nokogiri
  rake (~> 13.0)
  rspec (~> 3.0)
  securerandom
  standard (~> 1.3)

BUNDLED WITH
   2.6.3
